PATH
  remote: .
  specs:
    appdash (0.6.2)
      ruby-protocol-buffers

GEM
  remote: http://rubygems.org/
  specs:
    diff-lcs (1.3)
    rack (2.0.1)
    rack-test (0.6.3)
      rack (>= 1.0)
    rake (12.0.0)
    rspec (3.5.0)
      rspec-core (~> 3.5.0)
      rspec-expectations (~> 3.5.0)
      rspec-mocks (~> 3.5.0)
    rspec-core (3.5.4)
      rspec-support (~> 3.5.0)
    rspec-expectations (3.5.0)
      diff-lcs (>= 1.2.0, < 2.0)
      rspec-support (~> 3.5.0)
    rspec-mocks (3.5.0)
      diff-lcs (>= 1.2.0, < 2.0)
      rspec-support (~> 3.5.0)
    rspec-support (3.5.0)
    ruby-protocol-buffers (1.6.1)

PLATFORMS
  ruby

DEPENDENCIES
  appdash!
  bundler
  rack
  rack-test
  rake
  rspec

BUNDLED WITH
   1.14.5
